GEM
  remote: http://rubygems.org/
  specs:
    armor (0.0.3)
    backports (3.6.0)
    better_errors (2.0.0)
      coderay (>= 1.0.0)
      erubis (>= 2.6.6)
      rack (>= 0.9.0)
    binding_of_caller (0.7.2)
      debug_inspector (>= 0.0.1)
    coderay (1.1.0)
    debug_inspector (0.0.2)
    erubis (2.7.0)
    haml (4.0.5)
      tilt
    hiredis (0.6.0)
    msgpack (0.5.11)
    multi_json (1.10.1)
    mysql2 (0.3.16)
    nido (0.0.1)
    ohm (2.2.0)
      msgpack
      nido
      redic
      stal
    ost (1.0.0)
      nido
      redic
    puma (2.8.2)
      rack (>= 1.1, < 2.0)
    rack (1.5.2)
    rack-flash3 (1.0.5)
      rack
    rack-protection (1.5.3)
      rack
    rack-test (0.6.2)
      rack (>= 1.0)
    rake (10.3.2)
    redic (1.4.1)
      hiredis
    sequel (4.13.0)
    shield (2.1.0)
      armor
    sinatra (1.4.5)
      rack (~> 1.4)
      rack-protection (~> 1.4)
      tilt (~> 1.3, >= 1.3.4)
    sinatra-contrib (1.4.2)
      backports (>= 2.0)
      multi_json
      rack-protection
      rack-test
      sinatra (~> 1.4.0)
      tilt (~> 1.3)
    sinatra-partial (0.4.0)
      sinatra
    stal (0.1.0)
      redic
    tilt (1.4.1)

PLATFORMS
  ruby

DEPENDENCIES
  better_errors
  binding_of_caller
  haml
  mysql2
  ohm
  ost
  puma (= 2.8.2)
  rack-flash3
  rake
  sequel
  shield
  sinatra
  sinatra-contrib
  sinatra-partial
